GIT
  remote: https://github.com/colszowka/simplecov
  revision: a3387f7b25100939df6a5af339580cbe3055cdc6
  specs:
    simplecov (0.8.0.pre)
      multi_json
      simplecov-html (~> 0.7.1)

PATH
  remote: .
  specs:
    simplecov-badge (1.0.1)

GEM
  remote: https://rubygems.org/
  specs:
    diff-lcs (1.2.4)
    hike (1.2.2)
    multi_json (1.7.3)
    rack (1.5.2)
    rake (10.0.4)
    rspec (2.13.0)
      rspec-core (~> 2.13.0)
      rspec-expectations (~> 2.13.0)
      rspec-mocks (~> 2.13.0)
    rspec-core (2.13.1)
    rspec-expectations (2.13.0)
      diff-lcs (>= 1.1.3, < 2.0)
    rspec-mocks (2.13.1)
    sass (3.2.9)
    simplecov-html (0.7.1)
    sprockets (2.9.3)
      hike (~> 1.2)
      multi_json (~> 1.0)
      rack (~> 1.0)
      tilt (~> 1.1, != 1.3.0)
    tilt (1.4.1)

PLATFORMS
  ruby

DEPENDENCIES
  rake
  rspec
  sass
  simplecov!
  simplecov-badge!
  sprockets
